GIT
  remote: https://github.com/ybiquitous/aufgaben
  revision: 78be77b03cbeaa5527b2fa0789bb59aef3191460
  tag: 0.1.0
  specs:
    aufgaben (0.1.0)

GEM
  remote: https://rubygems.org/
  specs:
    dotenv (2.7.5)
    rake (13.0.0)

PLATFORMS
  ruby

DEPENDENCIES
  aufgaben!
  dotenv
  rake

BUNDLED WITH
   2.0.2
