GIT
  remote: https://github.com/ybiquitous/aufgaben
  revision: d8da50e045619349adc2d8e69282eb55df87d302
  tag: 0.6.1
  specs:
    aufgaben (0.6.1)

GEM
  remote: https://rubygems.org/
  specs:
    dotenv (2.7.6)
    rake (13.0.3)

PLATFORMS
  ruby

DEPENDENCIES
  aufgaben!
  dotenv
  rake

BUNDLED WITH
   2.2.3
