GIT
  remote: https://github.com/ybiquitous/aufgaben
  revision: a201e6c1ddef2dc5bc3b80d15c361a29dee9dc1c
  specs:
    aufgaben (0.1.0)

GEM
  remote: https://rubygems.org/
  specs:
    dotenv (2.7.5)
    rake (12.3.3)

PLATFORMS
  ruby

DEPENDENCIES
  aufgaben!
  dotenv
  rake

BUNDLED WITH
   2.0.2
