GIT
  remote: https://github.com/ybiquitous/aufgaben
  revision: f25f407e22a21af15659874fb5a05ab3a5e2bacb
  tag: 0.4.1
  specs:
    aufgaben (0.4.1)

GEM
  remote: https://rubygems.org/
  specs:
    dotenv (2.7.5)
    rake (13.0.1)

PLATFORMS
  ruby

DEPENDENCIES
  aufgaben!
  dotenv
  rake

BUNDLED WITH
   2.1.4
