GIT
  remote: https://github.com/ybiquitous/aufgaben
  revision: 62f1004efc4e3b6fb7e0107128410810e6715b2c
  tag: 0.4.0
  specs:
    aufgaben (0.4.0)

GEM
  remote: https://rubygems.org/
  specs:
    dotenv (2.7.5)
    rake (13.0.1)

PLATFORMS
  ruby

DEPENDENCIES
  aufgaben!
  dotenv
  rake

BUNDLED WITH
   2.1.1
