GIT
  remote: https://github.com/ybiquitous/aufgaben
  revision: 0757062fc4872982f8347497754147a57c807249
  tag: 0.2.0
  specs:
    aufgaben (0.2.0)

GEM
  remote: https://rubygems.org/
  specs:
    dotenv (2.7.5)
    rake (13.0.0)

PLATFORMS
  ruby

DEPENDENCIES
  aufgaben!
  dotenv
  rake

BUNDLED WITH
   2.0.2
