GIT
  remote: https://github.com/ybiquitous/aufgaben
  revision: da96337a89168a878ea85e0e8eed795af1deb982
  tag: 0.7.1
  specs:
    aufgaben (0.7.1)

GEM
  remote: https://rubygems.org/
  specs:
    dotenv (2.7.6)
    rake (13.0.3)

PLATFORMS
  ruby

DEPENDENCIES
  aufgaben!
  dotenv
  rake

BUNDLED WITH
   2.2.3
