GIT
  remote: https://github.com/ybiquitous/aufgaben
  revision: e0bcbfe52d426d4efc6214f01997516eec5e5062
  tag: 0.5.1
  specs:
    aufgaben (0.5.1)

GEM
  remote: https://rubygems.org/
  specs:
    dotenv (2.7.6)
    rake (13.0.2)

PLATFORMS
  ruby

DEPENDENCIES
  aufgaben!
  dotenv
  rake

BUNDLED WITH
   2.1.4
