GIT
  remote: https://github.com/ybiquitous/aufgaben
  revision: b353533652315682541d2b9a1716f07516963906
  specs:
    aufgaben (0.1.0)

GEM
  remote: https://rubygems.org/
  specs:
    dotenv (2.7.5)
    rake (12.3.3)

PLATFORMS
  ruby

DEPENDENCIES
  aufgaben!
  dotenv
  rake

BUNDLED WITH
   2.0.2
