GIT
  remote: https://github.com/ybiquitous/aufgaben
  revision: 2593ffa333e884d9819e292ff8981215fd2f957b
  tag: 0.3.0
  specs:
    aufgaben (0.3.0)

GEM
  remote: https://rubygems.org/
  specs:
    dotenv (2.7.5)
    rake (13.0.0)

PLATFORMS
  ruby

DEPENDENCIES
  aufgaben!
  dotenv
  rake

BUNDLED WITH
   2.0.2
