GIT
  remote: https://github.com/ybiquitous/aufgaben
  revision: 07050fae8a0fb11eb4983779a9f10d3aecfb1b41
  specs:
    aufgaben (0.1.0)

GEM
  remote: https://rubygems.org/
  specs:
    dotenv (2.7.5)
    rake (12.3.3)

PLATFORMS
  ruby

DEPENDENCIES
  aufgaben!
  dotenv
  rake

BUNDLED WITH
   2.0.2
