GEM
  remote: https://rubygems.org/
  specs:
    aufgaben (0.10.0)
    dotenv (2.7.6)
    rake (13.0.3)

PLATFORMS
  ruby

DEPENDENCIES
  aufgaben
  dotenv
  rake

BUNDLED WITH
   2.2.3
