GIT
  remote: https://github.com/ybiquitous/aufgaben
  revision: 3cf246133367ee7e33319ba7c77814a6e9428f93
  tag: 0.6.2
  specs:
    aufgaben (0.6.2)

GEM
  remote: https://rubygems.org/
  specs:
    dotenv (2.7.6)
    rake (13.0.3)

PLATFORMS
  ruby

DEPENDENCIES
  aufgaben!
  dotenv
  rake

BUNDLED WITH
   2.2.3
