GIT
  remote: https://github.com/ybiquitous/aufgaben
  revision: 1bddd85665a93b4436dbaf4b2e5d2810a0eae63a
  tag: 0.5.0
  specs:
    aufgaben (0.5.0)

GEM
  remote: https://rubygems.org/
  specs:
    dotenv (2.7.5)
    rake (13.0.1)

PLATFORMS
  ruby

DEPENDENCIES
  aufgaben!
  dotenv
  rake

BUNDLED WITH
   2.1.4
