GEM
  remote: https://rubygems.org/
  specs:
    dotenv (2.7.5)
    rake (12.3.3)

PLATFORMS
  ruby

DEPENDENCIES
  dotenv
  rake

BUNDLED WITH
   2.0.2
