GIT
  remote: https://github.com/ybiquitous/aufgaben
  revision: d8b9fe176944d745679bd2386f50e8b10a72d52e
  tag: 0.4.2
  specs:
    aufgaben (0.4.2)

GEM
  remote: https://rubygems.org/
  specs:
    dotenv (2.7.5)
    rake (13.0.1)

PLATFORMS
  ruby

DEPENDENCIES
  aufgaben!
  dotenv
  rake

BUNDLED WITH
   2.1.4
